GIT
  remote: git://github.com/blanchma/toto-extended.git
  revision: 26e95e21d83888a607d03622fdd459f2ac8425d7
  specs:
    toto (0.4.9)
      builder
      rack
      rdiscount

GEM
  remote: https://rubygems.org/
  specs:
    builder (3.1.4)
    i18n (0.6.1)
    rack (1.4.1)
    rack-cors (0.2.9)
    rake (10.1.0)
    rdiscount (1.6.8)
    shotgun (0.9)
      rack (>= 1.0)

PLATFORMS
  ruby

DEPENDENCIES
  builder
  i18n
  rack-cors
  rake
  rdiscount
  shotgun
  toto!
