GIT
  remote: git://github.com/blanchma/toto-extended.git
  revision: 99a9b629203bdf807693b6e7fe564c3f26c2d376
  specs:
    toto (0.4.9)
      builder
      rack
      rdiscount

GEM
  remote: http://rubygems.org/
  specs:
    builder (3.1.3)
    rack (1.4.1)
    rdiscount (1.6.8)
    shotgun (0.9)
      rack (>= 1.0)

PLATFORMS
  ruby

DEPENDENCIES
  builder
  rdiscount
  shotgun
  toto!
