GIT
  remote: git://github.com/blanchma/toto-extended.git
  revision: ee3ec01aa1a1b2cd66b6ffe26676e8d7cd1f74af
  specs:
    toto (0.4.9)
      builder
      rack
      rdiscount

GEM
  remote: http://rubygems.org/
  specs:
    builder (3.1.4)
    i18n (0.6.1)
    rack (1.4.1)
    rake (10.1.0)
    rdiscount (1.6.8)
    shotgun (0.9)
      rack (>= 1.0)

PLATFORMS
  ruby

DEPENDENCIES
  builder
  i18n
  rake
  rdiscount
  shotgun
  toto!
